GEM
  remote: https://rubygems.org/
  specs:
    concurrent-ruby (1.0.5)
    dry-core (0.4.7)
      concurrent-ruby (~> 1.0)
    dry-equalizer (0.2.1)
    dry-monads (1.0.1)
      concurrent-ruby (~> 1.0)
      dry-core (~> 0.4, >= 0.4.4)
      dry-equalizer
    faraday (0.15.2)
      multipart-post (>= 1.2, < 3)
    jwt (2.1.0)
    mini_portile2 (2.3.0)
    multipart-post (2.0.0)
    nokogiri (1.8.4)
      mini_portile2 (~> 2.3.0)
    puma (3.12.0)
    rack (2.0.5)
    roda (3.10.0)
      rack
    thread_safe (0.3.6)
    twilio-ruby (5.12.1)
      faraday (~> 0.9)
      jwt (>= 1.5, <= 2.5)
      nokogiri (>= 1.6, < 2.0)
    tzinfo (1.2.5)
      thread_safe (~> 0.1)

PLATFORMS
  ruby

DEPENDENCIES
  dry-monads (~> 1.0)
  nokogiri (~> 1.8)
  puma
  roda (~> 3.10)
  twilio-ruby (~> 5.12)
  tzinfo (~> 1.2)

BUNDLED WITH
   1.16.1
